GEM
  remote: https://rubygems.org/
  specs:
    addressable (2.3.8)
    colorize (0.8.1)
    faraday (0.9.2)
      multipart-post (>= 1.2, < 3)
    git (1.2.9.1)
    highline (2.0.3)
    multipart-post (2.0.0)
    octokit (4.1.1)
      sawyer (~> 0.6.0, >= 0.5.3)
    sawyer (0.6.0)
      addressable (~> 2.3.5)
      faraday (~> 0.8, < 0.10)
    slop (4.8.0)

PLATFORMS
  ruby
  x64-mingw32

DEPENDENCIES
  colorize (~> 0.8.1)
  git (~> 1.2)
  highline (~> 2.0)
  octokit (~> 4.1)
  slop (~> 4.8)

BUNDLED WITH
   2.0.2
